GEM
  remote: https://rubygems.org/
  specs:
    domain_name (0.5.24)
      unf (>= 0.0.5, < 1.0.0)
    ffi (1.9.8)
    http-cookie (1.0.2)
      domain_name (~> 0.5)
    irc-socket (1.0.1)
    irc_parser (0.1.2)
    json (1.8.2)
    mime-types (2.5)
    netrc (0.10.3)
    openssl (1.0.0.beta)
    rack (1.6.0)
    rack-protection (1.5.3)
      rack
    rbnacl (3.1.2)
      ffi
    rbnacl-libsodium (1.0.2)
      rbnacl (~> 3.0, >= 3.0.1)
    rest-client (1.8.0)
      http-cookie (>= 1.0.2, < 2.0)
      mime-types (>= 1.16, < 3.0)
      netrc (~> 0.7)
    sequel (4.22.0)
    sinatra (1.4.6)
      rack (~> 1.4)
      rack-protection (~> 1.4)
      tilt (>= 1.3, < 3)
    sqlite3 (1.3.10)
    tilt (2.0.1)
    unf (0.1.4)
      unf_ext
    unf_ext (0.0.7.1)

PLATFORMS
  ruby

DEPENDENCIES
  irc-socket
  irc_parser
  json
  openssl
  rbnacl-libsodium
  rest-client
  sequel
  sinatra
  sqlite3
