GEM
  remote: https://rubygems.org/
  specs:
    ffi (1.9.8)
    irc-socket (1.0.1)
    nacl (0.2)
    rbnacl (3.1.2)
      ffi
    rbnacl-libsodium (1.0.2)
      rbnacl (~> 3.0, >= 3.0.1)
    sequel (4.21.0)
    sqlite3 (1.3.10)

PLATFORMS
  ruby

DEPENDENCIES
  irc-socket
  nacl
  rbnacl-libsodium
  sequel
  sqlite3
