GEM
  remote: https://rubygems.org/
  specs:
    ffi (1.9.8)
    irc-socket (1.0.1)
    irc_parser (0.1.2)
    json (1.7.7)
    openssl (1.0.0.beta)
    rack (1.6.0)
    rack-protection (1.5.3)
      rack
    rbnacl (3.1.2)
      ffi
    rbnacl-libsodium (1.0.2)
      rbnacl (~> 3.0, >= 3.0.1)
    sequel (4.22.0)
    sinatra (1.4.6)
      rack (~> 1.4)
      rack-protection (~> 1.4)
      tilt (>= 1.3, < 3)
    sqlite3 (1.3.10)
    tilt (2.0.1)

PLATFORMS
  ruby

DEPENDENCIES
  irc-socket
  irc_parser
  json
  openssl
  rbnacl-libsodium
  sequel
  sinatra
  sqlite3
