GEM
  remote: https://rubygems.org/
  specs:
    cinch (2.2.4)
    nacl (0.2)
    sequel (4.20.0)
    sqlite3 (1.3.7)

PLATFORMS
  ruby

DEPENDENCIES
  cinch
  nacl
  sequel
  sqlite3
