GEM
  remote: https://rubygems.org/
  specs:
    cinch (2.2.5)
    nacl (0.2)
    sequel (4.21.0)
    sqlite3 (1.3.10)

PLATFORMS
  ruby

DEPENDENCIES
  cinch
  nacl
  sequel
  sqlite3
